GEM
  remote: https://rubygems.org/
  specs:
    bcrypt (3.1.20)

PLATFORMS
  ruby
  x86_64-linux

DEPENDENCIES
  bcrypt

BUNDLED WITH
   2.6.6
